GEM
  remote: https://rubygems.org/
  specs:
    erubis (2.7.0)
    thor (1.2.1)
    tmuxinator (3.0.5)
      erubis (~> 2.6)
      thor (~> 1.2.1)
      xdg (~> 2.2, >= 2.2.5)
    xdg (2.2.5)

PLATFORMS
  arm64-darwin-21

DEPENDENCIES
  tmuxinator

RUBY VERSION
   ruby 3.1.2p20

BUNDLED WITH
   2.3.26
