GEM
  remote: https://rubygems.org/
  specs:
    activesupport (7.0.4.2)
      concurrent-ruby (~> 1.0, >= 1.0.2)
      i18n (>= 1.6, < 2)
      minitest (>= 5.1)
      tzinfo (~> 2.0)
    ak47 (0.2.5)
      guard (~> 0.10.0)
      shell_tools (~> 0.1.0)
      smart_colored
    concurrent-ruby (1.2.2)
    erubis (2.7.0)
    ffi (1.15.5)
    guard (0.10.0)
      ffi (>= 0.5.0)
      thor (~> 0.14.6)
    i18n (1.12.0)
      concurrent-ruby (~> 1.0)
    minitest (5.18.0)
    shell_tools (0.1.2)
    smart_colored (1.1.1)
    thor (0.14.6)
    tmuxinator (0.6.3)
      activesupport
      erubis
      thor
    tzinfo (2.0.6)
      concurrent-ruby (~> 1.0)

PLATFORMS
  arm64-darwin-21

DEPENDENCIES
  ak47
  tmuxinator

RUBY VERSION
   ruby 3.1.2p20

BUNDLED WITH
   2.3.26
